GEM
  remote: https://rubygems.org/
  specs:
    hike (1.2.2)
    multi_json (1.7.5)
    opal (0.3.44)
      racc
      rake
      sprockets
    racc (1.4.9)
    rack (1.5.2)
    rake (10.0.4)
    sprockets (2.10.0)
      hike (~> 1.2)
      multi_json (~> 1.0)
      rack (~> 1.0)
      tilt (~> 1.1, != 1.3.0)
    tilt (1.4.1)

PLATFORMS
  ruby

DEPENDENCIES
  opal
  rack
